GEM
  remote: https://rubygems.org/
  specs:
    actioncable (7.0.8.6)
      actionpack (= 7.0.8.6)
      activesupport (= 7.0.8.6)
      nio4r (~> 2.0)
      websocket-driver (>= 0.6.1)
    actionmailbox (7.0.8.6)
      actionpack (= 7.0.8.6)
      activejob (= 7.0.8.6)
      activerecord (= 7.0.8.6)
      activestorage (= 7.0.8.6)
      activesupport (= 7.0.8.6)
      mail (>= 2.7.1)
      net-imap
      net-pop
      net-smtp
    actionmailer (7.0.8.6)
      actionpack (= 7.0.8.6)
      actionview (= 7.0.8.6)
      activejob (= 7.0.8.6)
      activesupport (= 7.0.8.6)
      mail (~> 2.5, >= 2.5.4)
      net-imap
      net-pop
      net-smtp
      rails-dom-testing (~> 2.0)
    actionpack (7.0.8.6)
      actionview (= 7.0.8.6)
      activesupport (= 7.0.8.6)
      rack (~> 2.0, >= 2.2.4)
      rack-test (>= 0.6.3)
      rails-dom-testing (~> 2.0)
      rails-html-sanitizer (~> 1.0, >= 1.2.0)
    actiontext (7.0.8.6)
      actionpack (= 7.0.8.6)
      activerecord (= 7.0.8.6)
      activestorage (= 7.0.8.6)
      activesupport (= 7.0.8.6)
      globalid (>= 0.6.0)
      nokogiri (>= 1.8.5)
    actionview (7.0.8.6)
      activesupport (= 7.0.8.6)
      builder (~> 3.1)
      erubi (~> 1.4)
      rails-dom-testing (~> 2.0)
      rails-html-sanitizer (~> 1.1, >= 1.2.0)
    activejob (7.0.8.6)
      activesupport (= 7.0.8.6)
      globalid (>= 0.3.6)
    activemodel (7.0.8.6)
      activesupport (= 7.0.8.6)
    activerecord (7.0.8.6)
      activemodel (= 7.0.8.6)
      activesupport (= 7.0.8.6)
    activestorage (7.0.8.6)
      actionpack (= 7.0.8.6)
      activejob (= 7.0.8.6)
      activerecord (= 7.0.8.6)
      activesupport (= 7.0.8.6)
      marcel (~> 1.0)
      mini_mime (>= 1.1.0)
    activesupport (7.0.8.6)
      concurrent-ruby (~> 1.0, >= 1.0.2)
      i18n (>= 1.6, < 2)
      minitest (>= 5.1)
      tzinfo (~> 2.0)
    base64 (0.2.0)
    bcrypt (3.1.20)
    bootsnap (1.18.4)
      msgpack (~> 1.2)
    builder (3.3.0)
    caxlsx (4.2.0)
      htmlentities (~> 4.3, >= 4.3.4)
      marcel (~> 1.0)
      nokogiri (~> 1.10, >= 1.10.4)
      rubyzip (>= 1.3.0, < 3)
    caxlsx_rails (0.6.4)
      actionpack (>= 3.1)
      caxlsx (>= 3.0)
    concurrent-ruby (1.3.4)
    crass (1.0.6)
    date (3.4.0)
    debug (1.9.2)
      irb (~> 1.10)
      reline (>= 0.3.8)
    dotenv (3.1.7)
    dotenv-rails (3.1.7)
      dotenv (= 3.1.7)
      railties (>= 6.1)
    erubi (1.13.0)
    globalid (1.2.1)
      activesupport (>= 6.1)
    htmlentities (4.3.4)
    i18n (1.14.6)
      concurrent-ruby (~> 1.0)
    io-console (0.7.2)
    irb (1.14.1)
      rdoc (>= 4.0.0)
      reline (>= 0.4.2)
    jbuilder (2.13.0)
      actionview (>= 5.0.0)
      activesupport (>= 5.0.0)
    jwt (2.9.3)
      base64
    loofah (2.23.1)
      crass (~> 1.0.2)
      nokogiri (>= 1.12.0)
    mail (2.8.1)
      mini_mime (>= 0.1.1)
      net-imap
      net-pop
      net-smtp
    marcel (1.0.4)
    method_source (1.1.0)
    mini_mime (1.1.5)
    minitest (5.25.2)
    msgpack (1.7.5)
    mysql2 (0.5.6)
    net-imap (0.5.1)
      date
      net-protocol
    net-pop (0.1.2)
      net-protocol
    net-protocol (0.2.2)
      timeout
    net-smtp (0.5.0)
      net-protocol
    nio4r (2.7.4)
    nokogiri (1.16.7-aarch64-linux)
      racc (~> 1.4)
    nokogiri (1.16.7-x86_64-linux)
      racc (~> 1.4)
    psych (5.2.0)
      stringio
    puma (5.6.9)
      nio4r (~> 2.0)
    racc (1.8.1)
    rack (2.2.10)
    rack-cors (2.0.2)
      rack (>= 2.0.0)
    rack-test (2.1.0)
      rack (>= 1.3)
    rails (7.0.8.6)
      actioncable (= 7.0.8.6)
      actionmailbox (= 7.0.8.6)
      actionmailer (= 7.0.8.6)
      actionpack (= 7.0.8.6)
      actiontext (= 7.0.8.6)
      actionview (= 7.0.8.6)
      activejob (= 7.0.8.6)
      activemodel (= 7.0.8.6)
      activerecord (= 7.0.8.6)
      activestorage (= 7.0.8.6)
      activesupport (= 7.0.8.6)
      bundler (>= 1.15.0)
      railties (= 7.0.8.6)
    rails-dom-testing (2.2.0)
      activesupport (>= 5.0.0)
      minitest
      nokogiri (>= 1.6)
    rails-html-sanitizer (1.6.0)
      loofah (~> 2.21)
      nokogiri (~> 1.14)
    railties (7.0.8.6)
      actionpack (= 7.0.8.6)
      activesupport (= 7.0.8.6)
      method_source
      rake (>= 12.2)
      thor (~> 1.0)
      zeitwerk (~> 2.5)
    rake (13.2.1)
    rdoc (6.8.1)
      psych (>= 4.0.0)
    reline (0.5.11)
      io-console (~> 0.5)
    rubyzip (2.4.1)
    stringio (3.1.2)
    thor (1.3.2)
    timeout (0.4.2)
    tzinfo (2.0.6)
      concurrent-ruby (~> 1.0)
    websocket-driver (0.7.6)
      websocket-extensions (>= 0.1.0)
    websocket-extensions (0.1.5)
    zeitwerk (2.7.1)

PLATFORMS
  aarch64-linux
  x86_64-linux

DEPENDENCIES
  bcrypt (~> 3.1.7)
  bootsnap
  caxlsx
  caxlsx_rails
  debug
  dotenv-rails
  jbuilder
  jwt
  mysql2 (~> 0.5)
  puma (~> 5.0)
  rack-cors
  rails (~> 7.0.8, >= 7.0.8.6)
  tzinfo-data

RUBY VERSION
   ruby 3.2.6p234

BUNDLED WITH
   2.4.19
